GIT
  remote: git://github.com/alor/mongo-ruby-driver.git
  revision: b1d59bfe1700b88b1550b4fc6de1ae8778923ddf
  branch: 1.9.2_append
  specs:
    bson (1.9.2)
    bson_ext (1.9.2)
      bson (~> 1.9.2)
    mongo (1.9.2)
      bson (~> 1.9.2)

GIT
  remote: git://github.com/danielemilan/minitar.git
  revision: 56af58400e2d8171906dee4bf5c5a1d930e5b7b6
  branch: master
  specs:
    minitar (0.5.5)

PATH
  remote: ../rcs-common
  specs:
    rcs-common (9.0.0)
      ffi
      log4r (>= 1.1.9)
      mail
      mime-types
      sys-cpu
      sys-filesystem

GEM
  remote: http://rubygems.org/
  specs:
    PriorityQueue (0.1.2)
    activemodel (3.2.14)
      activesupport (= 3.2.14)
      builder (~> 3.0.0)
    activesupport (3.2.14)
      i18n (~> 0.6, >= 0.6.4)
      multi_json (~> 1.0)
    addressable (2.3.5)
    bcrypt-ruby (3.1.2)
    builder (3.0.4)
    coderay (1.0.9)
    cookiejar (0.3.0)
    diff-lcs (1.2.4)
    em-http-request (1.1.0)
      addressable (>= 2.3.4)
      cookiejar
      em-socksify (>= 0.3)
      eventmachine (>= 1.0.3)
      http_parser.rb (>= 0.6.0.beta.2)
    em-http-server (0.1.6)
      eventmachine
    em-socksify (0.3.0)
      eventmachine (>= 1.0.0.beta.4)
    em-websocket (0.3.8)
      addressable (>= 2.1.1)
      eventmachine (>= 0.12.9)
    eventmachine (1.0.3)
    ffi (1.9.0)
    gene_pool (1.3.0)
    http_parser.rb (0.6.0.beta.2)
    i18n (0.6.5)
    log4r (1.1.10)
    lrucache (0.1.4)
      PriorityQueue (~> 0.1.2)
    mail (2.5.4)
      mime-types (~> 1.16)
      treetop (~> 1.4.8)
    method_source (0.8.2)
    mime-types (1.25)
    mongoid (3.1.4)
      activemodel (~> 3.2)
      moped (~> 1.4)
      origin (~> 1.0)
      tzinfo (~> 0.3.22)
    moped (1.5.1)
    multi_json (1.8.0)
    origin (1.1.0)
    persistent_http (1.0.5)
      gene_pool (>= 1.3)
    plist (3.1.0)
    polyglot (0.3.3)
    pry (0.9.12.2)
      coderay (~> 1.0.5)
      method_source (~> 0.8)
      slop (~> 3.4)
    pry-nav (0.2.3)
      pry (~> 0.9.10)
    rake (10.1.0)
    rest-client (1.6.7)
      mime-types (>= 1.16)
    rspec (2.14.1)
      rspec-core (~> 2.14.0)
      rspec-expectations (~> 2.14.0)
      rspec-mocks (~> 2.14.0)
    rspec-core (2.14.5)
    rspec-expectations (2.14.2)
      diff-lcs (>= 1.1.3, < 2.0)
    rspec-mocks (2.14.3)
    rubyzip (1.0.0)
    rvincenty (0.1.0)
    simplecov (0.7.1)
      multi_json (~> 1.0)
      simplecov-html (~> 0.7.1)
    simplecov-html (0.7.1)
    slop (3.4.6)
    sys-cpu (0.7.1)
      ffi (>= 1.0.0)
    sys-filesystem (1.1.0)
      ffi
    treetop (1.4.15)
      polyglot
      polyglot (>= 0.3.1)
    tzinfo (0.3.37)
    uuidtools (2.1.4)
    xml-simple (1.1.2)

PLATFORMS
  ruby

DEPENDENCIES
  activesupport
  bcrypt-ruby
  bson (= 1.9.2)
  bson_ext (= 1.9.2)
  bundler (> 1.0.0)
  em-http-request (>= 1.0.3)
  em-http-server (>= 0.1.3)
  em-websocket
  eventmachine (>= 1.0.3)
  ffi
  jruby-openssl
  json
  lrucache
  mail
  minitar (>= 0.5.5)!
  mongo (= 1.9.2)!
  mongoid (>= 3.0.0)
  persistent_http
  plist
  pry
  pry-nav
  rake
  rcs-common (>= 9.0.0)!
  rest-client
  rspec
  rubyzip
  rvincenty
  simplecov
  uuidtools
  xml-simple
