GIT
  remote: git://github.com/danielemilan/minitar.git
  revision: 56af58400e2d8171906dee4bf5c5a1d930e5b7b6
  branch: master
  specs:
    minitar (0.5.5)

PATH
  remote: ../rcs-common
  specs:
    rcs-common (9.2.1)
      ffi
      log4r (>= 1.1.9)
      mail
      mime-types
      mongoid (>= 3.0.0)
      sbdb
      sys-cpu
      sys-filesystem

GEM
  remote: http://rubygems.org/
  specs:
    PriorityQueue (0.1.2)
    activemodel (3.2.16)
      activesupport (= 3.2.16)
      builder (~> 3.0.0)
    activesupport (3.2.16)
      i18n (~> 0.6, >= 0.6.4)
      multi_json (~> 1.0)
    addressable (2.3.5)
    bcrypt-ruby (3.1.2)
    bdb (0.2.6.5)
      tuple (>= 0.1.2)
    bitcoin-ruby (0.0.5)
    builder (3.0.4)
    coderay (1.1.0)
    cookiejar (0.3.0)
    diff-lcs (1.2.5)
    docile (1.1.3)
    em-http-request (1.0.3)
      addressable (>= 2.2.3)
      cookiejar
      em-socksify
      eventmachine (>= 1.0.0.beta.4)
      http_parser.rb (>= 0.5.3)
    em-http-server (0.1.8)
      eventmachine
    em-socksify (0.3.0)
      eventmachine (>= 1.0.0.beta.4)
    em-websocket (0.3.8)
      addressable (>= 2.1.1)
      eventmachine (>= 0.12.9)
    eventmachine (1.0.3)
    ffi (1.9.3)
    gene_pool (1.3.2)
    http_parser.rb (0.6.0)
    i18n (0.6.9)
    log4r (1.1.10)
    lrucache (0.1.4)
      PriorityQueue (~> 0.1.2)
    mail (2.2.7)
      activesupport (>= 2.3.6)
      mime-types
      treetop (>= 1.4.5)
    method_source (0.8.2)
    mime-types (2.1)
    mongoid (3.1.6)
      activemodel (~> 3.2)
      moped (~> 1.4)
      origin (~> 1.0)
      tzinfo (~> 0.3.29)
    moped (1.5.2)
    multi_json (1.8.4)
    origin (1.1.0)
    persistent_http (1.0.6)
      gene_pool (>= 1.3)
    plist (3.1.0)
    polyglot (0.3.3)
    pry (0.9.12.6)
      coderay (~> 1.0)
      method_source (~> 0.8)
      slop (~> 3.4)
    rake (10.1.1)
    ref (1.0.5)
    rest-client (1.6.7)
      mime-types (>= 1.16)
    rspec (2.14.1)
      rspec-core (~> 2.14.0)
      rspec-expectations (~> 2.14.0)
      rspec-mocks (~> 2.14.0)
    rspec-core (2.14.7)
    rspec-expectations (2.14.5)
      diff-lcs (>= 1.1.3, < 2.0)
    rspec-mocks (2.14.5)
    ruby-opencv (0.0.10)
    rubyzip (1.0.0)
    rvincenty (0.1.0)
    sbdb (0.0.12.2)
      bdb (>= 0.2.6.5)
      ref
    simplecov (0.8.2)
      docile (~> 1.1.0)
      multi_json
      simplecov-html (~> 0.8.0)
    simplecov-html (0.8.0)
    slop (3.4.7)
    sys-cpu (0.7.1)
      ffi (>= 1.0.0)
    sys-filesystem (1.1.1)
      ffi
    treetop (1.4.15)
      polyglot
      polyglot (>= 0.3.1)
    tuple (0.1.2)
    tzinfo (0.3.38)
    uuidtools (2.1.4)
    xml-simple (1.1.3)

PLATFORMS
  ruby

DEPENDENCIES
  activesupport
  bcrypt-ruby
  bitcoin-ruby
  bundler (> 1.0.0)
  em-http-request (= 1.0.3)
  em-http-server (>= 0.1.7)
  em-websocket
  eventmachine (>= 1.0.3)
  ffi
  jruby-openssl
  json
  lrucache
  mail
  minitar (>= 0.5.5)!
  mongoid (>= 3.0.0)
  persistent_http
  plist
  pry
  rake
  rcs-common (>= 9.2.0)!
  rest-client
  rspec
  ruby-opencv (= 0.0.10)
  rubyzip (= 1.0.0)
  rvincenty
  sbdb
  simplecov
  uuidtools
  xml-simple
